PATH
  remote: .
  specs:
    jinatra (0.0.1)
      rack

GEM
  remote: https://rubygems.org/
  specs:
    rack (2.2.3)

PLATFORMS
  x86_64-darwin-20

DEPENDENCIES
  jinatra!

BUNDLED WITH
   2.2.24
